GIT
  remote: git://github.com/ajokela/mysql-pr.git
  revision: 749f672b07688d9302fba544be4c39f47071fa30
  specs:
    mysql-pr (2.9.11)

GEM
  remote: http://rubygems.org/
  specs:
    activemodel (3.2.5)
      activesupport (= 3.2.5)
      builder (~> 3.0.0)
    activerecord (3.2.5)
      activemodel (= 3.2.5)
      activesupport (= 3.2.5)
      arel (~> 3.0.2)
      tzinfo (~> 0.3.29)
    activerecord-jdbc-adapter (1.2.2)
    activerecord-jdbcpostgresql-adapter (1.2.2)
      activerecord-jdbc-adapter (~> 1.2.2)
      jdbc-postgres (>= 9.0, < 9.2)
    activesupport (3.2.5)
      i18n (~> 0.6)
      multi_json (~> 1.0)
    arel (3.0.2)
    builder (3.0.0)
    i18n (0.6.0)
    jdbc-postgres (9.1.901)
    multi_json (1.3.6)
    postgres-pr (0.6.3)
    test-unit (2.5.0)
    tzinfo (0.3.33)

PLATFORMS
  java
  ruby

DEPENDENCIES
  activerecord
  activerecord-jdbc-adapter
  activerecord-jdbcpostgresql-adapter
  jdbc-postgres
  mysql-pr!
  postgres-pr
  test-unit
