GIT
  remote: git://github.com/ajokela/ruby-mysql.git
  revision: 6228948b57b658cdbd5fd25601a2e74249606312
  specs:
    ruby-mysql (2.9.10)

GEM
  remote: http://rubygems.org/
  specs:
    postgres-pr (0.6.3)
    test-unit (2.3.0)

PLATFORMS
  java
  ruby

DEPENDENCIES
  postgres-pr
  ruby-mysql!
  test-unit
